GEM
  remote: https://rubygems.org/
  specs:
    ffi (1.9.25)
    haml (5.0.4)
      temple (>= 0.8.0)
      tilt
    kramdown (1.17.0)
    rb-fsevent (0.10.3)
    rb-inotify (0.9.10)
      ffi (>= 0.5.0, < 2)
    rdiscount (2.2.0.1)
    sass (3.5.7)
      sass-listen (~> 4.0.0)
    sass-listen (4.0.0)
      rb-fsevent (~> 0.9, >= 0.9.4)
      rb-inotify (~> 0.9, >= 0.9.7)
    temple (0.8.0)
    tilt (2.0.8)

PLATFORMS
  ruby

DEPENDENCIES
  haml (>= 4.0.7)
  kramdown (>= 1.0.9)
  rdiscount (>= 2.1.8)
  sass (>= 3.4.19)
